GEM
  remote: https://rubygems.org/
  specs:
    gammo (0.3.0)

PLATFORMS
  arm64-darwin-22

DEPENDENCIES
  gammo

RUBY VERSION
   ruby 3.0.6p216

BUNDLED WITH
   2.4.10
